GEM
  specs:
    diff-lcs (1.1.3)
    gosu (0.7.43)
    rspec (2.10.0)
      rspec-core (~> 2.10.0)
      rspec-expectations (~> 2.10.0)
      rspec-mocks (~> 2.10.0)
    rspec-core (2.10.1)
    rspec-expectations (2.10.0)
      diff-lcs (~> 1.1.3)
    rspec-mocks (2.10.1)

PLATFORMS
  ruby

DEPENDENCIES
  gosu
  rspec
